GIT
  remote: git://github.com/elzoiddy/vestal_versions.git
  revision: ee920897e2003528e2520725009d050b0413b816
  specs:
    vestal_versions (1.2.4.3)
      activerecord (>= 3.0.0)
      activesupport (>= 3.0.0)

PATH
  remote: vendor/engines/c2po
  specs:
    c2po (1.0.0)

PATH
  remote: vendor/engines/nu
  specs:
    nu (1.0.0)

PATH
  remote: vendor/engines/nucs
  specs:
    nucs (1.0.0)

PATH
  remote: vendor/engines/pmu
  specs:
    pmu (1.0.0)

GEM
  remote: http://rubygems.org/
  remote: http://download.bioinformatics.northwestern.edu/gems/
  specs:
    Ascii85 (1.0.1)
    aasm (2.2.0)
    abstract (1.0.0)
    actionmailer (3.0.19)
      actionpack (= 3.0.19)
      mail (~> 2.2.19)
    actionpack (3.0.19)
      activemodel (= 3.0.19)
      activesupport (= 3.0.19)
      builder (~> 2.1.2)
      erubis (~> 2.6.6)
      i18n (~> 0.5.0)
      rack (~> 1.2.5)
      rack-mount (~> 0.6.14)
      rack-test (~> 0.5.7)
      tzinfo (~> 0.3.23)
    activemodel (3.0.19)
      activesupport (= 3.0.19)
      builder (~> 2.1.2)
      i18n (~> 0.5.0)
    activerecord (3.0.19)
      activemodel (= 3.0.19)
      activesupport (= 3.0.19)
      arel (~> 2.0.10)
      tzinfo (~> 0.3.23)
    activerecord-oracle_enhanced-adapter (1.3.0)
    activeresource (3.0.19)
      activemodel (= 3.0.19)
      activesupport (= 3.0.19)
    activesupport (3.0.19)
    arel (2.0.10)
    awesome_nested_set (2.0.1)
      activerecord (>= 3.0.0)
    awesome_print (1.1.0)
    bcaudit (0.3.0)
      activerecord (>= 2.3.2)
      rack (~> 1.1)
    bcdatabase (1.0.6)
      activesupport (>= 2.0)
      highline (~> 1.5)
      i18n
    bcrypt-ruby (2.1.4)
    bcsec (2.1.1)
      activerecord (>= 2.3.0)
      activerecord-oracle_enhanced-adapter (~> 1.3.0)
      bcaudit (~> 0.1)
      bcdatabase (~> 1.0)
      castanet (~> 1.0.0)
      composite_primary_keys
      net-ldap (~> 0.1.1)
      rubytree (~> 0.7.0)
      schema_qualified_tables (~> 1.0)
      warden (~> 1.0)
    builder (2.1.2)
    cancan (1.6.8)
    capistrano (2.6.0)
      highline
      net-scp (>= 1.0.0)
      net-sftp (>= 2.0.0)
      net-ssh (>= 2.0.14)
      net-ssh-gateway (>= 1.1.0)
    capistrano-ext (1.2.1)
      capistrano (>= 1.0.0)
    castanet (1.0.1)
    ci_reporter (1.7.1)
      builder (>= 2.1.2)
    cocaine (0.3.0)
    coderay (1.0.8)
    columnize (0.3.6)
    composite_primary_keys (3.1.11)
      activerecord (~> 3.0.0, >= 3.0.5)
    daemons (1.1.6)
    devise (1.3.4)
      bcrypt-ruby (~> 2.1.2)
      orm_adapter (~> 0.0.3)
      warden (~> 1.0.3)
    devise_ldap_authenticatable (0.4.3)
      devise (> 1.0.4)
      net-ldap (>= 0.1.1)
    diff-lcs (1.1.3)
    dispatcher (0.0.1)
    erubis (2.6.6)
      abstract (>= 1.0.0)
    exception_notification (2.6.1)
      actionmailer (>= 3.0.4)
    factory_girl (2.6.4)
      activesupport (>= 2.3.9)
    factory_girl_rails (1.7.0)
      factory_girl (~> 2.6.0)
      railties (>= 3.0.0)
    fast-aes (0.1.1)
    fastercsv (1.5.4)
    foreigner (1.1.1)
      activerecord (>= 3.0.0)
    haml (3.1.2)
    highline (1.6.14)
    i18n (0.5.0)
    jquery-rails (1.0.12)
      railties (~> 3.0)
      thor (~> 0.14)
    json (1.7.6)
    linecache (0.46)
      rbx-require-relative (> 0.0.4)
    mail (2.2.19)
      activesupport (>= 2.3.6)
      i18n (>= 0.4.0)
      mime-types (~> 1.16)
      treetop (~> 1.4.8)
    method_source (0.8.1)
    mime-types (1.19)
    mocha (0.9.7)
      rake
    net-ldap (0.1.1)
    net-scp (1.0.4)
      net-ssh (>= 1.99.1)
    net-sftp (2.0.5)
      net-ssh (>= 2.0.9)
    net-ssh (2.5.2)
    net-ssh-gateway (1.1.0)
      net-ssh (>= 1.99.1)
    newrelic_rpm (3.4.1)
    nokogiri (1.4.4)
    orm_adapter (0.0.7)
    paperclip (2.3.12)
      activerecord (>= 2.3.0)
      activesupport (>= 2.3.2)
      cocaine (>= 0.0.2)
    pdf-reader (0.10.1)
      Ascii85 (~> 1.0.0)
    polyglot (0.3.3)
    prawn (0.12.0)
      pdf-reader (>= 0.9.0)
      ttfunk (~> 1.0.2)
    prawn_rails (0.0.5)
      prawn (>= 0.8.4)
      rails (>= 3.0.0)
    pry (0.9.11.4)
      coderay (~> 1.0.5)
      method_source (~> 0.8)
      slop (~> 3.4)
    pry-rails (0.2.2)
      pry (>= 0.9.10)
    rack (1.2.6)
    rack-mount (0.6.14)
      rack (>= 1.0.0)
    rack-test (0.5.7)
      rack (>= 1.0)
    rails (3.0.19)
      actionmailer (= 3.0.19)
      actionpack (= 3.0.19)
      activerecord (= 3.0.19)
      activeresource (= 3.0.19)
      activesupport (= 3.0.19)
      bundler (~> 1.0)
      railties (= 3.0.19)
    rails_config (0.2.5)
      activesupport (>= 3.0)
    railties (3.0.19)
      actionpack (= 3.0.19)
      activesupport (= 3.0.19)
      rake (>= 0.8.7)
      rdoc (~> 3.4)
      thor (~> 0.14.4)
    rake (10.0.3)
    rbx-require-relative (0.0.9)
    rcov (1.0.0)
    rdoc (3.12)
      json (~> 1.4)
    rspec (2.9.0)
      rspec-core (~> 2.9.0)
      rspec-expectations (~> 2.9.0)
      rspec-mocks (~> 2.9.0)
    rspec-core (2.9.0)
    rspec-expectations (2.9.1)
      diff-lcs (~> 1.1.3)
    rspec-mocks (2.9.0)
    rspec-rails (2.9.0)
      actionpack (>= 3.0)
      activesupport (>= 3.0)
      railties (>= 3.0)
      rspec (~> 2.9.0)
    ruby-debug (0.10.3)
      columnize (>= 0.1)
      ruby-debug-base (~> 0.10.3.0)
    ruby-debug-base (0.10.3)
      linecache (>= 0.3)
    ruby-oci8 (2.0.4)
    ruby-ole (1.2.11.1)
    rubytree (0.7.0)
    schema_qualified_tables (1.0.0)
      activerecord (>= 2.3)
    shoulda (2.11.3)
    silent-oracle (0.1.0)
    single_test (0.4.0)
    slop (3.4.3)
    spork (0.9.0.rc9)
    spreadsheet (0.6.5.5)
      ruby-ole (>= 1.0)
    thor (0.14.6)
    timecop (0.3.5)
    treetop (1.4.12)
      polyglot
      polyglot (>= 0.3.1)
    ttfunk (1.0.3)
    tzinfo (0.3.35)
    warden (1.0.6)
      rack (>= 1.0)
    will_paginate (3.0.2)

PLATFORMS
  ruby

DEPENDENCIES
  aasm (= 2.2.0)
  activerecord-oracle_enhanced-adapter (= 1.3.0)
  awesome_nested_set (= 2.0.1)
  awesome_print (= 1.1.0)
  bcdatabase (= 1.0.6)
  bcsec (= 2.1.1)
  c2po (~> 1.0.0)!
  cancan (= 1.6.8)
  capistrano (= 2.6.0)
  capistrano-ext (= 1.2.1)
  ci_reporter
  daemons (= 1.1.6)
  devise (= 1.3.4)
  devise_ldap_authenticatable (= 0.4.3)
  dispatcher
  exception_notification
  factory_girl_rails (= 1.7.0)
  fast-aes (= 0.1.1)
  fastercsv (= 1.5.4)
  foreigner (= 1.1.1)
  haml (= 3.1.2)
  jquery-rails (= 1.0.12)
  mocha (= 0.9.7)
  newrelic_rpm (~> 3.4.1)
  nokogiri (= 1.4.4)
  nu (~> 1.0.0)!
  nucs (~> 1.0.0)!
  paperclip (= 2.3.12)
  pdf-reader (= 0.10.1)
  pmu (~> 1.0.0)!
  prawn (= 0.12.0)
  prawn_rails (= 0.0.5)
  pry-rails (= 0.2.2)
  rails (= 3.0.19)
  rails_config (= 0.2.5)
  rake
  rcov
  rspec-rails (= 2.9)
  ruby-debug (= 0.10.3)
  ruby-oci8 (= 2.0.4)
  ruby-ole (= 1.2.11.1)
  schema_qualified_tables (= 1.0.0)
  shoulda (= 2.11.3)
  silent-oracle
  single_test (= 0.4.0)
  spork (= 0.9.0.rc9)
  spreadsheet (= 0.6.5.5)
  timecop
  vestal_versions (= 1.2.4.3)!
  will_paginate (= 3.0.2)
