GIT
  remote: git://github.com/elzoiddy/vestal_versions.git
  revision: 77db0cf6e849596093e63734ed3aab0627eab388
  specs:
    vestal_versions (1.2.4.3)
      activerecord (>= 3.0.0)
      activesupport (>= 3.0.0)

GEM
  remote: http://rubygems.org/
  remote: http://download.bioinformatics.northwestern.edu/gems/
  specs:
    Ascii85 (1.0.1)
    ZenTest (4.5.0)
    aasm (2.2.0)
    abstract (1.0.0)
    actionmailer (3.0.10)
      actionpack (= 3.0.10)
      mail (~> 2.2.19)
    actionpack (3.0.10)
      activemodel (= 3.0.10)
      activesupport (= 3.0.10)
      builder (~> 2.1.2)
      erubis (~> 2.6.6)
      i18n (~> 0.5.0)
      rack (~> 1.2.1)
      rack-mount (~> 0.6.14)
      rack-test (~> 0.5.7)
      tzinfo (~> 0.3.23)
    activemodel (3.0.10)
      activesupport (= 3.0.10)
      builder (~> 2.1.2)
      i18n (~> 0.5.0)
    activerecord (3.0.10)
      activemodel (= 3.0.10)
      activesupport (= 3.0.10)
      arel (~> 2.0.10)
      tzinfo (~> 0.3.23)
    activerecord-oracle_enhanced-adapter (1.3.0)
    activeresource (3.0.10)
      activemodel (= 3.0.10)
      activesupport (= 3.0.10)
    activesupport (3.0.10)
    arel (2.0.10)
    autotest (4.4.6)
      ZenTest (>= 4.4.1)
    autotest-rails (4.1.0)
      ZenTest
    awesome_nested_set (2.0.1)
      activerecord (>= 3.0.0)
    bcaudit (0.1.0)
      activerecord (>= 2.3.2)
      rack (~> 1.1)
    bcdatabase (1.0.6)
      activesupport (>= 2.0)
      highline (~> 1.5)
      i18n
    bcrypt-ruby (2.1.4)
    bcsec (2.1.1)
      activerecord (>= 2.3.0)
      activerecord-oracle_enhanced-adapter (~> 1.3.0)
      bcaudit (~> 0.1)
      bcdatabase (~> 1.0)
      castanet (~> 1.0.0)
      composite_primary_keys
      net-ldap (~> 0.1.1)
      rubytree (~> 0.7.0)
      schema_qualified_tables (~> 1.0)
      warden (~> 1.0)
    bcsec-rails (3.0.0)
      bcsec (>= 2.1.0)
      rails (~> 3.0)
    builder (2.1.2)
    cancan (1.6.5)
    capistrano (2.6.0)
      highline
      net-scp (>= 1.0.0)
      net-sftp (>= 2.0.0)
      net-ssh (>= 2.0.14)
      net-ssh-gateway (>= 1.1.0)
    castanet (1.0.0)
    ci_reporter (1.6.5)
      builder (>= 2.1.2)
    cocaine (0.1.0)
    columnize (0.3.3)
    composite_primary_keys (3.1.9)
      activerecord (~> 3.0.0, >= 3.0.5)
    devise (1.3.4)
      bcrypt-ruby (~> 2.1.2)
      orm_adapter (~> 0.0.3)
      warden (~> 1.0.3)
    devise_ldap_authenticatable (0.4.3)
      devise (> 1.0.4)
      net-ldap (>= 0.1.1)
    diff-lcs (1.1.2)
    dispatcher (0.0.1)
    erubis (2.6.6)
      abstract (>= 1.0.0)
    exception_notification (2.4.1)
    factory_girl (1.3.3)
    factory_girl_rails (1.0.1)
      factory_girl (~> 1.3)
      railties (>= 3.0.0)
    fast-aes (0.1.1)
    fastercsv (1.5.4)
    foreigner (1.0.3)
      activerecord (>= 3.0.0)
    haml (3.1.2)
    highline (1.6.2)
    i18n (0.5.0)
    jquery-rails (1.0.12)
      railties (~> 3.0)
      thor (~> 0.14)
    linecache (0.46)
      rbx-require-relative (> 0.0.4)
    mail (2.2.19)
      activesupport (>= 2.3.6)
      i18n (>= 0.4.0)
      mime-types (~> 1.16)
      treetop (~> 1.4.8)
    mime-types (1.16)
    mocha (0.9.7)
      rake
    mysql2 (0.2.11)
    net-ldap (0.1.1)
    net-scp (1.0.4)
      net-ssh (>= 1.99.1)
    net-sftp (2.0.5)
      net-ssh (>= 2.0.9)
    net-ssh (2.1.4)
    net-ssh-gateway (1.1.0)
      net-ssh (>= 1.99.1)
    nokogiri (1.4.4)
    orm_adapter (0.0.5)
    paperclip (2.3.12)
      activerecord (>= 2.3.0)
      activesupport (>= 2.3.2)
      cocaine (>= 0.0.2)
    pdf-reader (0.8.6)
      Ascii85 (>= 0.9)
    polyglot (0.3.2)
    prawn (0.11.1.pre)
      pdf-reader (>= 0.8.1)
    prawnto (0.0.3)
      prawn
      rails (>= 2.1)
    rack (1.2.3)
    rack-mount (0.6.14)
      rack (>= 1.0.0)
    rack-test (0.5.7)
      rack (>= 1.0)
    rails (3.0.10)
      actionmailer (= 3.0.10)
      actionpack (= 3.0.10)
      activerecord (= 3.0.10)
      activeresource (= 3.0.10)
      activesupport (= 3.0.10)
      bundler (~> 1.0)
      railties (= 3.0.10)
    railties (3.0.10)
      actionpack (= 3.0.10)
      activesupport (= 3.0.10)
      rake (>= 0.8.7)
      rdoc (~> 3.4)
      thor (~> 0.14.4)
    rake (0.8.7)
    rbx-require-relative (0.0.5)
    rdoc (3.9.2)
    rspec (2.6.0)
      rspec-core (~> 2.6.0)
      rspec-expectations (~> 2.6.0)
      rspec-mocks (~> 2.6.0)
    rspec-core (2.6.4)
    rspec-expectations (2.6.0)
      diff-lcs (~> 1.1.2)
    rspec-mocks (2.6.0)
    rspec-rails (2.6.1)
      actionpack (~> 3.0)
      activesupport (~> 3.0)
      railties (~> 3.0)
      rspec (~> 2.6.0)
    ruby-debug (0.10.3)
      columnize (>= 0.1)
      ruby-debug-base (~> 0.10.3.0)
    ruby-debug-base (0.10.3)
      linecache (>= 0.3)
    ruby-oci8 (2.0.4)
    ruby-ole (1.2.11.1)
    rubytree (0.7.0)
    schema_qualified_tables (1.0.0)
      activerecord (>= 2.3)
    shoulda (2.11.3)
    single_test (0.4.0)
    spork (0.7.5)
    spreadsheet (0.6.5.5)
      ruby-ole (>= 1.0)
    thor (0.14.6)
    treetop (1.4.10)
      polyglot
      polyglot (>= 0.3.1)
    tzinfo (0.3.29)
    warden (1.0.4)
      rack (>= 1.0)
    will_paginate (3.0.pre2)

PLATFORMS
  ruby

DEPENDENCIES
  ZenTest (= 4.5.0)
  aasm (= 2.2.0)
  activerecord-oracle_enhanced-adapter (= 1.3.0)
  autotest (= 4.4.6)
  autotest-rails (= 4.1.0)
  awesome_nested_set (= 2.0.1)
  bcdatabase (= 1.0.6)
  bcsec (= 2.1.1)
  bcsec-rails (= 3.0.0)
  cancan (= 1.6.5)
  capistrano (= 2.6.0)
  ci_reporter
  devise (= 1.3.4)
  devise_ldap_authenticatable (= 0.4.3)
  dispatcher
  exception_notification
  factory_girl_rails (= 1.0.1)
  fast-aes (= 0.1.1)
  fastercsv (= 1.5.4)
  foreigner (= 1.0.3)
  haml (= 3.1.2)
  jquery-rails (= 1.0.12)
  mocha (= 0.9.7)
  mysql2 (= 0.2.11)
  nokogiri (= 1.4.4)
  paperclip (= 2.3.12)
  pdf-reader (= 0.8.6)
  prawn (= 0.11.1.pre)
  prawnto (= 0.0.3)
  rails (= 3.0.10)
  rake (= 0.8.7)
  rspec-rails (= 2.6.1)
  ruby-debug (= 0.10.3)
  ruby-oci8 (= 2.0.4)
  ruby-ole (= 1.2.11.1)
  schema_qualified_tables (= 1.0.0)
  shoulda (= 2.11.3)
  single_test (= 0.4.0)
  spork (= 0.7.5)
  spreadsheet (= 0.6.5.5)
  vestal_versions (= 1.2.4.3)!
  will_paginate (= 3.0.pre2)
