GIT
  remote: git://github.com/elzoiddy/vestal_versions.git
  revision: 1905429b80303875c261370a16b086a3d6a88b25
  specs:
    vestal_versions (1.2.4.3)
      activerecord (>= 3.0.0)
      activesupport (>= 3.0.0)

GIT
  remote: git://github.com/tablexi/synaccess.git
  revision: 7342482d6d5b77aa33b09fbc48e538100f9c31dd
  specs:
    synaccess_connect (0.2.2)
      nokogiri (> 1.5)

PATH
  remote: vendor/engines/c2po
  specs:
    c2po (1.0.0)

PATH
  remote: vendor/engines/dataprobe
  specs:
    dataprobe (1.0.0)

PATH
  remote: vendor/engines/jxml
  specs:
    jxml (1.0.0)

PATH
  remote: vendor/engines/nu
  specs:
    nu (1.0.0)

PATH
  remote: vendor/engines/nu_cancer_center
  specs:
    nu_cancer_center (1.0.0)

PATH
  remote: vendor/engines/nucs
  specs:
    nucs (1.0.0)

PATH
  remote: vendor/engines/pmu
  specs:
    pmu (1.0.0)

GEM
  remote: https://rubygems.org/
  specs:
    Ascii85 (1.0.2)
    aasm (2.2.0)
    actionmailer (3.2.19)
      actionpack (= 3.2.19)
      mail (~> 2.5.4)
    actionpack (3.2.19)
      activemodel (= 3.2.19)
      activesupport (= 3.2.19)
      builder (~> 3.0.0)
      erubis (~> 2.7.0)
      journey (~> 1.0.4)
      rack (~> 1.4.5)
      rack-cache (~> 1.2)
      rack-test (~> 0.6.1)
      sprockets (~> 2.2.1)
    activemodel (3.2.19)
      activesupport (= 3.2.19)
      builder (~> 3.0.0)
    activerecord (3.2.19)
      activemodel (= 3.2.19)
      activesupport (= 3.2.19)
      arel (~> 3.0.2)
      tzinfo (~> 0.3.29)
    activerecord-oracle_enhanced-adapter (1.4.2)
    activeresource (3.2.19)
      activemodel (= 3.2.19)
      activesupport (= 3.2.19)
    activesupport (3.2.19)
      i18n (~> 0.6, >= 0.6.4)
      multi_json (~> 1.0)
    afm (0.2.2)
    archive-tar-minitar (0.5.2)
    arel (3.0.3)
    awesome_nested_set (2.1.6)
      activerecord (>= 3.0.0)
    awesome_print (1.1.0)
    aws-ses (0.5.0)
      builder
      mail (> 2.2.5)
      mime-types
      xml-simple
    bcrypt (3.1.7)
    bcrypt-ruby (3.1.5)
      bcrypt (>= 3.1.3)
    better_errors (1.1.0)
      coderay (>= 1.0.0)
      erubis (>= 2.6.6)
    binding_of_caller (0.7.2)
      debug_inspector (>= 0.0.1)
    bootstrap-sass (2.3.2.2)
      sass (~> 3.2)
    builder (3.0.4)
    cancan (1.6.10)
    capistrano (2.15.4)
      highline
      net-scp (>= 1.0.0)
      net-sftp (>= 2.0.0)
      net-ssh (>= 2.0.14)
      net-ssh-gateway (>= 1.1.0)
    celluloid (0.15.2)
      timers (~> 1.1.0)
    celluloid-io (0.15.0)
      celluloid (>= 0.15.0)
      nio4r (>= 0.5.0)
    chronic_duration (0.10.6)
      numerizer (~> 0.1.1)
    ci_reporter (1.9.2)
      builder (>= 2.1.2)
    ckeditor (4.0.11)
      mime-types
      orm_adapter (~> 0.5.0)
    clockpunch (0.1.7)
      coffee-script
      railties (~> 3.1)
      sass
    cocaine (0.3.2)
    coderay (1.1.0)
    coffee-rails (3.2.2)
      coffee-script (>= 2.2.0)
      railties (~> 3.2.0)
    coffee-script (2.3.0)
      coffee-script-source
      execjs
    coffee-script-source (1.7.1)
    columnize (0.8.9)
    daemon_controller (1.2.0)
    daemons (1.1.9)
    debug_inspector (0.0.2)
    delayed_job (3.0.5)
      activesupport (~> 3.0)
    delayed_job_active_record (4.0.1)
      activerecord (>= 3.0, < 4.2)
      delayed_job (>= 3.0, < 4.1)
    devise (2.2.8)
      bcrypt-ruby (~> 3.0)
      orm_adapter (~> 0.1)
      railties (~> 3.1)
      warden (~> 1.2.1)
    devise-encryptable (0.1.2)
      devise (>= 2.1.0)
    devise_ldap_authenticatable (0.7.0)
      devise (~> 2.0)
      net-ldap (~> 0.3.1)
    diff-lcs (1.2.5)
    dispatcher (0.0.1)
    docile (1.1.5)
    dynamic_form (1.1.4)
    erubis (2.7.0)
    eventmachine (1.0.3)
    exception_notification (4.0.1)
      actionmailer (>= 3.0.4)
      activesupport (>= 3.0.4)
    execjs (2.2.1)
    eye (0.6.2)
      celluloid (~> 0.15.0)
      celluloid-io (~> 0.15.0)
      sigar (~> 0.7.2)
      state_machine
      thor
    eye-patch (0.1.8)
      chronic_duration
      eye (~> 0.5)
    factory_girl (4.2.0)
      activesupport (>= 3.0.0)
    factory_girl_rails (4.2.1)
      factory_girl (~> 4.2.0)
      railties (>= 3.0.0)
    fast-aes (0.1.1)
    font-awesome-rails (3.2.1.3)
      railties (>= 3.2, < 5.0)
    foreigner (1.1.1)
      activerecord (>= 3.0.0)
    haml (4.0.5)
      tilt
    hashery (2.1.1)
    highline (1.6.21)
    hike (1.2.3)
    i18n (0.6.11)
    journey (1.0.4)
    jquery-rails (2.1.4)
      railties (>= 3.0, < 5.0)
      thor (>= 0.14, < 2.0)
    jquery-ui-rails (4.0.3)
      jquery-rails
      railties (>= 3.1.0)
    jquery-ui-sass-rails (4.0.3.0)
      jquery-rails
      jquery-ui-rails (= 4.0.3)
      railties (>= 3.1.0)
    json (1.8.1)
    libv8 (3.16.14.3)
    linecache19 (0.5.12)
      ruby_core_source (>= 0.1.4)
    mail (2.5.4)
      mime-types (~> 1.16)
      treetop (~> 1.4.8)
    method_source (0.8.2)
    mime-types (1.25.1)
    mini_portile (0.6.0)
    multi_json (1.10.1)
    net-ldap (0.3.1)
    net-scp (1.2.1)
      net-ssh (>= 2.6.5)
    net-sftp (2.1.2)
      net-ssh (>= 2.6.5)
    net-ssh (2.9.1)
    net-ssh-gateway (1.2.0)
      net-ssh (>= 2.6.5)
    newrelic_rpm (3.9.0.229)
    nio4r (1.0.1)
    nokogiri (1.6.2.1)
      mini_portile (= 0.6.0)
    numerizer (0.1.1)
    orm_adapter (0.5.0)
    paperclip (2.7.5)
      activerecord (>= 2.3.0)
      activesupport (>= 2.3.2)
      cocaine (~> 0.3.0)
      mime-types
    passenger (4.0.45)
      daemon_controller (>= 1.2.0)
      rack
      rake (>= 0.8.1)
    pdf-reader (1.3.3)
      Ascii85 (~> 1.0.0)
      afm (~> 0.2.0)
      hashery (~> 2.0)
      ruby-rc4
      ttfunk
    polyglot (0.3.5)
    prawn (0.12.0)
      pdf-reader (>= 0.9.0)
      ttfunk (~> 1.0.2)
    prawn_rails (0.0.11)
      prawn (>= 0.11.1)
      railties (>= 3.0.0)
    pry (0.10.0)
      coderay (~> 1.1.0)
      method_source (~> 0.8.1)
      slop (~> 3.4)
    pry-rails (0.3.2)
      pry (>= 0.9.10)
    quiet_assets (1.0.3)
      railties (>= 3.1, < 5.0)
    rack (1.4.5)
    rack-cache (1.2)
      rack (>= 0.4)
    rack-ssl (1.3.4)
      rack
    rack-test (0.6.2)
      rack (>= 1.0)
    rails (3.2.19)
      actionmailer (= 3.2.19)
      actionpack (= 3.2.19)
      activerecord (= 3.2.19)
      activeresource (= 3.2.19)
      activesupport (= 3.2.19)
      bundler (~> 1.0)
      railties (= 3.2.19)
    rails_config (0.3.3)
      activesupport (>= 3.0)
    railties (3.2.19)
      actionpack (= 3.2.19)
      activesupport (= 3.2.19)
      rack-ssl (~> 1.3.2)
      rake (>= 0.8.7)
      rdoc (~> 3.4)
      thor (>= 0.14.6, < 2.0)
    rake (10.3.2)
    rdoc (3.12.2)
      json (~> 1.4)
    ref (1.0.5)
    rspec-core (2.14.8)
    rspec-expectations (2.14.5)
      diff-lcs (>= 1.1.3, < 2.0)
    rspec-mocks (2.14.6)
    rspec-rails (2.14.0)
      actionpack (>= 3.0)
      activesupport (>= 3.0)
      railties (>= 3.0)
      rspec-core (~> 2.14.0)
      rspec-expectations (~> 2.14.0)
      rspec-mocks (~> 2.14.0)
    ruby-debug-base19 (0.11.25)
      columnize (>= 0.3.1)
      linecache19 (>= 0.5.11)
      ruby_core_source (>= 0.1.4)
    ruby-debug19 (0.11.6)
      columnize (>= 0.3.1)
      linecache19 (>= 0.5.11)
      ruby-debug-base19 (>= 0.11.19)
    ruby-oci8 (2.1.7)
    ruby-ole (1.2.11.7)
    ruby-rc4 (0.1.5)
    ruby_core_source (0.1.5)
      archive-tar-minitar (>= 0.5.2)
    rvm-capistrano (1.3.1)
      capistrano (>= 2.0.0)
    sass (3.3.9)
    sass-rails (3.2.6)
      railties (~> 3.2.0)
      sass (>= 3.1.10)
      tilt (~> 1.3)
    shoulda-matchers (2.4.0)
      activesupport (>= 3.0.0)
    sigar (0.7.2)
    simple_form (2.1.1)
      actionpack (~> 3.0)
      activemodel (~> 3.0)
    simplecov (0.8.2)
      docile (~> 1.1.0)
      multi_json
      simplecov-html (~> 0.8.0)
    simplecov-html (0.8.0)
    single_test (0.4.0)
    slop (3.5.0)
    spreadsheet (0.6.5.9)
      ruby-ole (>= 1.0)
    spring (1.1.3)
    spring-commands-rspec (1.0.2)
      spring (>= 0.9.1)
    sprockets (2.2.2)
      hike (~> 1.2)
      multi_json (~> 1.0)
      rack (~> 1.0)
      tilt (~> 1.1, != 1.3.0)
    state_machine (1.2.0)
    therubyracer (0.12.1)
      libv8 (~> 3.16.14.0)
      ref
    thin (1.6.2)
      daemons (>= 1.0.9)
      eventmachine (>= 1.0.0)
      rack (>= 1.0.0)
    thor (0.19.1)
    tilt (1.4.1)
    timecop (0.6.3)
    timers (1.1.0)
    treetop (1.4.15)
      polyglot
      polyglot (>= 0.3.1)
    ttfunk (1.0.3)
    turbo-sprockets-rails3 (0.3.11)
      railties (> 3.2.8, < 4.0.0)
      sprockets (>= 2.2.0)
    tzinfo (0.3.40)
    uglifier (2.5.1)
      execjs (>= 0.3.0)
      json (>= 1.8.0)
    warden (1.2.3)
      rack (>= 1.0)
    will_paginate (3.0.4)
    xml-simple (1.1.4)

PLATFORMS
  ruby

DEPENDENCIES
  aasm (= 2.2.0)
  activerecord-oracle_enhanced-adapter (= 1.4.2)
  awesome_nested_set (= 2.1.6)
  awesome_print (= 1.1.0)
  aws-ses
  better_errors
  binding_of_caller
  bootstrap-sass (~> 2.3.2)
  c2po (~> 1.0.0)!
  cancan (= 1.6.10)
  capistrano (= 2.15.4)
  ci_reporter
  ckeditor (~> 4.0.10)
  clockpunch (~> 0.1.0)
  coffee-rails (~> 3.2.2)
  daemons (= 1.1.9)
  dataprobe (~> 1.0.0)!
  delayed_job_active_record (~> 4.0.1)
  devise (~> 2.2.8)
  devise-encryptable (= 0.1.2)
  devise_ldap_authenticatable (~> 0.7.0)
  dispatcher
  dynamic_form (~> 1.1.4)
  exception_notification (~> 4.0.1)
  eye-patch
  factory_girl_rails (= 4.2.1)
  fast-aes (= 0.1.1)
  font-awesome-rails (~> 3.2.0)
  foreigner (= 1.1.1)
  haml (~> 4.0.5)
  jquery-rails (~> 2.1.4)
  jquery-ui-sass-rails
  jxml (~> 1.0.0)!
  newrelic_rpm (~> 3.6)
  nokogiri (~> 1.6.1)
  nu (~> 1.0.0)!
  nu_cancer_center (~> 1.0.0)!
  nucs (~> 1.0.0)!
  paperclip (~> 2.7.5)
  passenger
  pdf-reader (= 1.3.3)
  pmu (~> 1.0.0)!
  prawn (= 0.12)
  prawn_rails (= 0.0.11)
  pry-rails (~> 0.3.2)
  quiet_assets
  rails (= 3.2.19)
  rails_config (= 0.3.3)
  rake
  rspec-rails (= 2.14.0)
  ruby-debug19 (= 0.11.6)
  ruby-oci8 (= 2.1.7)
  rvm-capistrano (= 1.3.1)
  sass-rails (~> 3.2.6)
  shoulda-matchers (= 2.4)
  simple_form (~> 2.1.1)
  simplecov
  single_test (= 0.4.0)
  spreadsheet (~> 0.6.5.5)
  spring
  spring-commands-rspec
  synaccess_connect (= 0.2.2)!
  therubyracer
  thin
  timecop (~> 0.6.3)
  turbo-sprockets-rails3
  uglifier (>= 2.1.1)
  vestal_versions (= 1.2.4.3)!
  will_paginate (= 3.0.4)
