GIT
  remote: git://github.com/rsim/vestal_versions.git
  revision: 2773ee61076718c44c3e15c2ae6a7929fcb623c9
  specs:
    vestal_versions (1.3.0)
      activerecord (>= 2.1.0)

GIT
  remote: https://github.com/cschiewek/devise_ldap_authenticatable.git
  revision: 0234181349e4316d5cbcc0a961124ee5f6f421f7
  tag: 0.1.6
  specs:
    devise_ldap_authenticatable (0.1.6)
      devise (> 1.0.4)
      net-ldap (>= 0.0.0)

GEM
  remote: http://rubygems.org/
  remote: http://download.bioinformatics.northwestern.edu/gems/
  specs:
    Ascii85 (1.0.0)
    RedCloth (4.1.1)
    ZenTest (4.2.1)
    aasm (2.1.5)
    actionmailer (2.3.5)
      actionpack (= 2.3.5)
    actionpack (2.3.5)
      activesupport (= 2.3.5)
      rack (~> 1.0.0)
    activerecord (2.3.5)
      activesupport (= 2.3.5)
    activerecord-oracle_enhanced-adapter (1.2.4)
      activerecord (>= 2.0.0)
    activeresource (2.3.5)
      activesupport (= 2.3.5)
    activesupport (2.3.5)
    autotest (4.2.5)
    autotest-rails (4.1.0)
      ZenTest
    bcdatabase (1.0.5)
      activesupport (>= 2.0)
      highline (~> 1.5)
      i18n
    bcsec (2.0.4)
      activerecord (~> 2.3.5)
      activesupport (~> 2.3.5)
      bcdatabase (~> 1.0)
      composite_primary_keys (~> 2.3.5)
      net-ldap (~> 0.1.1)
      rubycas-client (~> 2.1.0)
      rubytree (~> 0.7.0)
      schema_qualified_tables (~> 1.0)
      warden (~> 0.10.3)
    bcsec-rails (2.0.1)
      bcsec (>= 2.0.0)
      rails (~> 2.3.5)
    bluecloth (2.0.7)
    cancan (1.5.1)
    capistrano (2.5.2)
      highline
      net-scp (>= 1.0.0)
      net-sftp (>= 2.0.0)
      net-ssh (>= 2.0.0)
      net-ssh-gateway (>= 1.0.0)
    columnize (0.3.1)
    composite_primary_keys (2.3.5.1)
      activerecord (>= 2.3.5)
    devise (1.0.9)
      warden (~> 0.10.3)
    fast-aes (0.1.1)
    fastercsv (1.5.3)
    haml (2.2.17)
    highline (1.6.1)
    i18n (0.5.0)
    linecache (0.43)
    mime-types (1.16)
    mocha (0.9.7)
      rake
    net-ldap (0.1.1)
    net-scp (1.0.4)
      net-ssh (>= 1.99.1)
    net-sftp (2.0.5)
      net-ssh (>= 2.0.9)
    net-ssh (2.0.23)
    net-ssh-gateway (1.0.1)
      net-ssh (>= 1.99.1)
    paperclip (2.3.1.1)
    pdf-reader (0.8.6)
      Ascii85 (>= 0.9)
    prawn (0.11.1.pre)
      pdf-reader (>= 0.8.1)
    prawnto (0.0.3)
      prawn
      rails (>= 2.1)
    rack (1.0.1)
    rails (2.3.5)
      actionmailer (= 2.3.5)
      actionpack (= 2.3.5)
      activerecord (= 2.3.5)
      activeresource (= 2.3.5)
      activesupport (= 2.3.5)
      rake (>= 0.8.3)
    rake (0.8.7)
    rspec (1.3.0)
    rspec-rails (1.3.2)
      rack (>= 1.0.0)
      rspec (>= 1.3.0)
    ruby-debug (0.10.3)
      columnize (>= 0.1)
      ruby-debug-base (~> 0.10.3.0)
    ruby-debug-base (0.10.3)
      linecache (>= 0.3)
    ruby-debug-ide (0.4.15)
      rake (>= 0.8.1)
    ruby-oci8 (2.0.4)
    ruby-ole (1.2.10.1)
    rubycas-client (2.1.0)
      activesupport
    rubytree (0.7.0)
    schema_qualified_tables (1.0.0)
      activerecord (>= 2.3)
    single_test (0.3.7)
    spork (0.7.5)
    spreadsheet (0.6.4.1)
      ruby-ole
    surveyor (0.16.0)
      fastercsv
      haml
    thoughtbot-factory_girl (1.2.2)
    thoughtbot-shoulda (2.10.2)
    warden (0.10.7)
      rack (>= 1.0.0)
    will_paginate (2.3.15)

PLATFORMS
  ruby

DEPENDENCIES
  RedCloth (= 4.1.1)
  ZenTest (= 4.2.1)
  aasm (= 2.1.5)
  activerecord-oracle_enhanced-adapter (= 1.2.4)
  autotest (= 4.2.5)
  autotest-rails (= 4.1.0)
  bcdatabase (= 1.0.5)
  bcsec (= 2.0.4)
  bcsec-rails (= 2.0.1)
  bluecloth (= 2.0.7)
  cancan (= 1.5.1)
  capistrano (= 2.5.2)
  devise (= 1.0.9)
  devise_ldap_authenticatable (= 0.1.6)!
  fast-aes (= 0.1.1)
  fastercsv (= 1.5.3)
  haml (= 2.2.17)
  mime-types (= 1.16)
  mocha (= 0.9.7)
  paperclip (= 2.3.1.1)
  pdf-reader (= 0.8.6)
  prawn (= 0.11.1.pre)
  prawnto (= 0.0.3)
  rails (= 2.3.5)
  rake (= 0.8.7)
  rspec (= 1.3.0)
  rspec-rails (= 1.3.2)
  ruby-debug (= 0.10.3)
  ruby-debug-ide (= 0.4.15)
  ruby-oci8 (= 2.0.4)
  schema_qualified_tables (= 1.0.0)
  single_test
  spork (= 0.7.5)
  spreadsheet (= 0.6.4.1)
  surveyor
  thoughtbot-factory_girl (= 1.2.2)
  thoughtbot-shoulda (= 2.10.2)
  vestal_versions (= 1.3.0)!
  will_paginate (= 2.3.15)
